GEM
  specs:
    ffi (1.9.10)
    jekyll-paginate (1.1.0)
    jekyll-watch (1.3.0)
      listen (~> 3.0)
    listen (3.0.4)
      rb-fsevent (>= 0.9.3)
      rb-inotify (>= 0.9)
    rb-fsevent (0.9.6)
    rb-inotify (0.9.5)
      ffi (>= 0.5.0)
    redcarpet (3.3.3)
    rouge (1.3.0)

PLATFORMS
  ruby

DEPENDENCIES
  jekyll-paginate
  jekyll-watch
  redcarpet
  rouge

BUNDLED WITH
   1.10.6
